GEM
  remote: https://rubygems.org/
  specs:
    blankslate (3.1.3)
    curses (1.0.1)
    minitest (5.5.1)
    parslet (1.6.2)
      blankslate (>= 2.0, <= 4.0)

PLATFORMS
  ruby

DEPENDENCIES
  curses
  minitest
  parslet
